PATH
  remote: .
  specs:
    javascript_features (0.0.1)
      jsmin

GEM
  remote: http://rubygems.org/
  specs:
    activesupport (3.0.4)
    jslint_on_rails (1.0.6)
    jsmin (1.0.1)
    json (1.5.1)
    rack (1.2.1)
    rack-test (0.5.7)
      rack (>= 1.0)
    redgreen (1.2.2)
    shoulda (2.11.3)

PLATFORMS
  ruby

DEPENDENCIES
  activesupport
  javascript_features!
  jslint_on_rails
  json
  rack-test
  redgreen
  shoulda
